PATH
  remote: .
  specs:
    bundler-symlink (0.1.0)
      bundler (>= 1.17.0)

GEM
  remote: https://rubygems.org/
  specs:

PLATFORMS
  ruby

DEPENDENCIES
  bundler-symlink!

BUNDLED WITH
   1.17.3
