PATH
  remote: .
  specs:
    bundler-bare_symlink (0.4.0)
      bundler (>= 2.0.0)

GEM
  remote: https://rubygems.org/
  specs:

PLATFORMS
  ruby
  x86_64-linux

DEPENDENCIES
  bundler-bare_symlink!

BUNDLED WITH
   2.6.2
